GEM
  remote: http://rubygems.org/
  specs:
    actionmailer (2.3.8)
      actionpack (= 2.3.8)
    actionpack (2.3.8)
      activesupport (= 2.3.8)
      rack (~> 1.1.0)
    activerecord (2.3.8)
      activesupport (= 2.3.8)
    activeresource (2.3.8)
      activesupport (= 2.3.8)
    activesupport (2.3.8)
    authlogic (2.1.6)
      activesupport
    crack (0.1.6)
    factory_girl (1.3.3)
    httparty (0.5.2)
      crack (= 0.1.6)
    json (1.4.6)
    pg (0.11.0)
    rack (1.1.2)
    rails (2.3.8)
      actionmailer (= 2.3.8)
      actionpack (= 2.3.8)
      activerecord (= 2.3.8)
      activeresource (= 2.3.8)
      activesupport (= 2.3.8)
      rake (>= 0.8.3)
    rake (0.8.7)
    rspec (1.3.0)
    rspec-rails-w-factory_girl (1.3.2.1)
      rack (>= 1.0.0)
      rspec (>= 1.3.0)
    sqlite3 (1.3.3)
    sqlite3-ruby (1.3.3)
      sqlite3 (>= 1.3.3)

PLATFORMS
  ruby

DEPENDENCIES
  authlogic (= 2.1.6)
  factory_girl
  httparty
  json
  pg
  rails (= 2.3.8)
  rspec
  rspec-rails-w-factory_girl
  sqlite3-ruby (~> 1.3.0)
